GEM
  remote: https://rubygems.org/
  specs:
    addressable (2.8.6)
      public_suffix (>= 2.0.2, < 6.0)
    ast (2.4.2)
    aws-eventstream (1.3.0)
    aws-partitions (1.899.0)
    aws-sdk-codecommit (1.64.0)
      aws-sdk-core (~> 3, >= 3.191.0)
      aws-sigv4 (~> 1.1)
    aws-sdk-core (3.191.4)
      aws-eventstream (~> 1, >= 1.3.0)
      aws-partitions (~> 1, >= 1.651.0)
      aws-sigv4 (~> 1.8)
      jmespath (~> 1, >= 1.6.1)
    aws-sdk-ecr (1.69.0)
      aws-sdk-core (~> 3, >= 3.191.0)
      aws-sigv4 (~> 1.1)
    aws-sigv4 (1.8.0)
      aws-eventstream (~> 1, >= 1.0.2)
    base64 (0.2.0)
    bigdecimal (3.1.6)
    citrus (3.0.2)
    commonmarker (0.23.10)
    concurrent-ruby (1.2.3)
    crack (1.0.0)
      bigdecimal
      rexml
    debug (1.9.1)
      irb (~> 1.10)
      reline (>= 0.3.8)
    dependabot-bundler (0.248.0)
      dependabot-common (= 0.248.0)
    dependabot-cargo (0.248.0)
      dependabot-common (= 0.248.0)
    dependabot-common (0.248.0)
      aws-sdk-codecommit (~> 1.28)
      aws-sdk-ecr (~> 1.5)
      bundler (>= 1.16, < 3.0.0)
      commonmarker (>= 0.20.1, < 0.24.0)
      docker_registry2 (~> 1.18.0)
      excon (~> 0.109)
      faraday (= 2.7.11)
      faraday-retry (= 2.2.0)
      gitlab (= 4.19.0)
      json (< 2.7)
      nokogiri (~> 1.8)
      octokit (>= 4.6, < 7.0)
      opentelemetry-sdk (~> 1.3)
      parser (>= 2.5, < 4.0)
      psych (~> 5.0)
      sorbet-runtime (~> 0.5.11178)
      toml-rb (>= 1.1.2, < 3.0)
    dependabot-composer (0.248.0)
      dependabot-common (= 0.248.0)
    dependabot-devcontainers (0.248.0)
      dependabot-common (= 0.248.0)
    dependabot-docker (0.248.0)
      dependabot-common (= 0.248.0)
    dependabot-elm (0.248.0)
      dependabot-common (= 0.248.0)
    dependabot-git_submodules (0.248.0)
      dependabot-common (= 0.248.0)
      parseconfig (~> 1.0, < 1.1.0)
    dependabot-github_actions (0.248.0)
      dependabot-common (= 0.248.0)
    dependabot-go_modules (0.248.0)
      dependabot-common (= 0.248.0)
    dependabot-gradle (0.248.0)
      dependabot-common (= 0.248.0)
      dependabot-maven (= 0.248.0)
    dependabot-hex (0.248.0)
      dependabot-common (= 0.248.0)
    dependabot-maven (0.248.0)
      dependabot-common (= 0.248.0)
    dependabot-npm_and_yarn (0.248.0)
      dependabot-common (= 0.248.0)
    dependabot-nuget (0.248.0)
      dependabot-common (= 0.248.0)
      rubyzip (>= 2.3.2, < 3.0)
    dependabot-omnibus (0.248.0)
      dependabot-bundler (= 0.248.0)
      dependabot-cargo (= 0.248.0)
      dependabot-common (= 0.248.0)
      dependabot-composer (= 0.248.0)
      dependabot-devcontainers (= 0.248.0)
      dependabot-docker (= 0.248.0)
      dependabot-elm (= 0.248.0)
      dependabot-git_submodules (= 0.248.0)
      dependabot-github_actions (= 0.248.0)
      dependabot-go_modules (= 0.248.0)
      dependabot-gradle (= 0.248.0)
      dependabot-hex (= 0.248.0)
      dependabot-maven (= 0.248.0)
      dependabot-npm_and_yarn (= 0.248.0)
      dependabot-nuget (= 0.248.0)
      dependabot-pub (= 0.248.0)
      dependabot-python (= 0.248.0)
      dependabot-swift (= 0.248.0)
      dependabot-terraform (= 0.248.0)
    dependabot-pub (0.248.0)
      dependabot-common (= 0.248.0)
    dependabot-python (0.248.0)
      dependabot-common (= 0.248.0)
    dependabot-swift (0.248.0)
      dependabot-common (= 0.248.0)
    dependabot-terraform (0.248.0)
      dependabot-common (= 0.248.0)
    diff-lcs (1.5.1)
    docker_registry2 (1.18.0)
      rest-client (>= 1.8.0)
    domain_name (0.6.20240107)
    excon (0.110.0)
    faraday (2.7.11)
      base64
      faraday-net_http (>= 2.0, < 3.1)
      ruby2_keywords (>= 0.0.4)
    faraday-net_http (3.0.2)
    faraday-retry (2.2.0)
      faraday (~> 2.0)
    ffi (1.16.3)
    ffi-compiler (1.0.1)
      ffi (>= 1.0.0)
      rake
    gitlab (4.19.0)
      httparty (~> 0.20)
      terminal-table (>= 1.5.1)
    google-protobuf (3.25.3-aarch64-linux)
    google-protobuf (3.25.3-arm64-darwin)
    google-protobuf (3.25.3-x86_64-linux)
    googleapis-common-protos-types (1.11.0)
      google-protobuf (~> 3.18)
    gpgme (2.0.24)
      mini_portile2 (~> 2.7)
    hashdiff (1.1.0)
    http (5.2.0)
      addressable (~> 2.8)
      base64 (~> 0.1)
      http-cookie (~> 1.0)
      http-form_data (~> 2.2)
      llhttp-ffi (~> 0.5.0)
    http-accept (1.7.0)
    http-cookie (1.0.5)
      domain_name (~> 0.5)
    http-form_data (2.3.0)
    httparty (0.21.0)
      mini_mime (>= 1.0.0)
      multi_xml (>= 0.5.2)
    io-console (0.7.2)
    irb (1.11.2)
      rdoc
      reline (>= 0.4.2)
    jmespath (1.6.2)
    json (2.6.3)
    language_server-protocol (3.17.0.3)
    llhttp-ffi (0.5.0)
      ffi-compiler (~> 1.0)
      rake (~> 13.0)
    mime-types (3.5.2)
      mime-types-data (~> 3.2015)
    mime-types-data (3.2024.0305)
    mini_mime (1.1.5)
    mini_portile2 (2.8.5)
    multi_xml (0.6.0)
    netrc (0.11.0)
    nokogiri (1.16.3-aarch64-linux)
      racc (~> 1.4)
    nokogiri (1.16.3-arm64-darwin)
      racc (~> 1.4)
    nokogiri (1.16.3-x86_64-linux)
      racc (~> 1.4)
    octokit (6.1.1)
      faraday (>= 1, < 3)
      sawyer (~> 0.9)
    opentelemetry-api (1.2.5)
    opentelemetry-common (0.20.1)
      opentelemetry-api (~> 1.0)
    opentelemetry-exporter-otlp (0.26.3)
      google-protobuf (~> 3.14)
      googleapis-common-protos-types (~> 1.3)
      opentelemetry-api (~> 1.1)
      opentelemetry-common (~> 0.20)
      opentelemetry-sdk (~> 1.2)
      opentelemetry-semantic_conventions
    opentelemetry-instrumentation-base (0.22.3)
      opentelemetry-api (~> 1.0)
      opentelemetry-registry (~> 0.1)
    opentelemetry-instrumentation-excon (0.22.0)
      opentelemetry-api (~> 1.0)
      opentelemetry-common (~> 0.20.0)
      opentelemetry-instrumentation-base (~> 0.22.1)
    opentelemetry-instrumentation-faraday (0.24.1)
      opentelemetry-api (~> 1.0)
      opentelemetry-common (~> 0.20.0)
      opentelemetry-instrumentation-base (~> 0.22.1)
    opentelemetry-instrumentation-http (0.23.2)
      opentelemetry-api (~> 1.0)
      opentelemetry-instrumentation-base (~> 0.22.1)
    opentelemetry-instrumentation-net_http (0.22.4)
      opentelemetry-api (~> 1.0)
      opentelemetry-common (~> 0.20.0)
      opentelemetry-instrumentation-base (~> 0.22.1)
    opentelemetry-registry (0.3.1)
      opentelemetry-api (~> 1.1)
    opentelemetry-sdk (1.4.0)
      opentelemetry-api (~> 1.1)
      opentelemetry-common (~> 0.20)
      opentelemetry-registry (~> 0.2)
      opentelemetry-semantic_conventions
    opentelemetry-semantic_conventions (1.10.0)
      opentelemetry-api (~> 1.0)
    parallel (1.24.0)
    parallel_tests (4.5.1)
      parallel
    parseconfig (1.0.8)
    parser (3.3.0.5)
      ast (~> 2.4.1)
      racc
    psych (5.1.2)
      stringio
    public_suffix (5.0.4)
    racc (1.7.3)
    rainbow (3.1.1)
    rake (13.1.0)
    rdoc (6.6.3.1)
      psych (>= 4.0.0)
    regexp_parser (2.9.0)
    reline (0.4.2)
      io-console (~> 0.5)
    rest-client (2.1.0)
      http-accept (>= 1.7.0, < 2.0)
      http-cookie (>= 1.0.2, < 2.0)
      mime-types (>= 1.16, < 4.0)
      netrc (~> 0.8)
    rexml (3.2.6)
    rspec (3.13.0)
      rspec-core (~> 3.13.0)
      rspec-expectations (~> 3.13.0)
      rspec-mocks (~> 3.13.0)
    rspec-core (3.13.0)
      rspec-support (~> 3.13.0)
    rspec-expectations (3.13.0)
      diff-lcs (>= 1.2.0, < 2.0)
      rspec-support (~> 3.13.0)
    rspec-its (1.3.0)
      rspec-core (>= 3.0.0)
      rspec-expectations (>= 3.0.0)
    rspec-mocks (3.13.0)
      diff-lcs (>= 1.2.0, < 2.0)
      rspec-support (~> 3.13.0)
    rspec-sorbet (1.9.2)
      sorbet-runtime
    rspec-support (3.13.0)
    rubocop (1.62.1)
      json (~> 2.3)
      language_server-protocol (>= 3.17.0)
      parallel (~> 1.10)
      parser (>= 3.3.0.2)
      rainbow (>= 2.2.2, < 4.0)
      regexp_parser (>= 1.8, < 3.0)
      rexml (>= 3.2.5, < 4.0)
      rubocop-ast (>= 1.31.1, < 2.0)
      ruby-progressbar (~> 1.7)
      unicode-display_width (>= 2.4.0, < 3.0)
    rubocop-ast (1.31.2)
      parser (>= 3.3.0.4)
    rubocop-performance (1.20.2)
      rubocop (>= 1.48.1, < 2.0)
      rubocop-ast (>= 1.30.0, < 2.0)
    rubocop-sorbet (0.8.0)
      rubocop (>= 0.90.0)
    ruby-progressbar (1.13.0)
    ruby2_keywords (0.0.5)
    rubyzip (2.3.2)
    sawyer (0.9.2)
      addressable (>= 2.3.5)
      faraday (>= 0.17.3, < 3)
    sentry-opentelemetry (5.17.1)
      opentelemetry-sdk (~> 1.0)
      sentry-ruby (~> 5.17.1)
    sentry-ruby (5.17.1)
      bigdecimal
      concurrent-ruby (~> 1.0, >= 1.0.2)
    sorbet-runtime (0.5.11305)
    stackprof (0.2.26)
    stringio (3.1.0)
    terminal-table (3.0.2)
      unicode-display_width (>= 1.1.1, < 3)
    toml-rb (2.2.0)
      citrus (~> 3.0, > 3.0)
    turbo_tests (2.2.0)
      parallel_tests (>= 3.3.0, < 5)
      rspec (>= 3.10)
    unicode-display_width (2.5.0)
    vcr (6.2.0)
    webmock (3.23.0)
      addressable (>= 2.8.0)
      crack (>= 0.3.2)
      hashdiff (>= 0.4.0, < 2.0.0)
    webrick (1.8.1)

PLATFORMS
  aarch64-linux
  arm64-darwin-22
  arm64-darwin-23
  x86_64-linux

DEPENDENCIES
  debug
  dependabot-omnibus (~> 0.248.0)
  gpgme
  http (~> 5.2)
  octokit (= 6.1.1)
  opentelemetry-exporter-otlp (~> 0.26)
  opentelemetry-instrumentation-excon (~> 0.22)
  opentelemetry-instrumentation-faraday (~> 0.24)
  opentelemetry-instrumentation-http (~> 0.23)
  opentelemetry-instrumentation-net_http (~> 0.22)
  opentelemetry-sdk (~> 1.4)
  rake
  rspec
  rspec-its
  rspec-sorbet
  rubocop
  rubocop-performance
  rubocop-sorbet
  sentry-opentelemetry (~> 5.17)
  sentry-ruby (~> 5.17)
  stackprof
  terminal-table (~> 3.0.2)
  turbo_tests
  vcr
  webmock
  webrick

BUNDLED WITH
   2.3.26
